PATH
  remote: .
  specs:
    tributes (0.0.1)

GEM
  remote: https://rubygems.org/
  specs:
    minitest (5.8.0)
    rake (10.4.2)

PLATFORMS
  ruby

DEPENDENCIES
  bundler (~> 1.7)
  minitest
  rake (~> 10.0)
  tributes!
